GEM
  remote: https://rubygems.org/
  specs:
    cmath (1.0.0)
    coderay (1.1.3)
    ffi (1.15.5)
    keisan (0.9.1)
      cmath (~> 1.0)
    method_source (1.0.0)
    pry (0.14.1)
      coderay (~> 1.1)
      method_source (~> 1.0)
    rufus-lua (1.1.5)
      ffi (~> 1.9)

PLATFORMS
  x86_64-darwin-20

DEPENDENCIES
  keisan
  pry
  rufus-lua

BUNDLED WITH
   2.2.28
